PATH
  remote: .
  specs:
    rails_tinymce (0.0.1)

GEM
  remote: http://rubygems.org/
  specs:

PLATFORMS
  ruby

DEPENDENCIES
  rails_tinymce!
